GEM
  remote: https://rubygems.org/
  specs:
    byebug (8.2.1)
    coderay (1.1.0)
    faraday (0.9.2)
      multipart-post (>= 1.2, < 3)
    faraday_middleware (0.10.0)
      faraday (>= 0.7.4, < 0.10)
    method_source (0.8.2)
    multipart-post (2.0.0)
    pry (0.10.3)
      coderay (~> 1.1.0)
      method_source (~> 0.8.1)
      slop (~> 3.4)
    pry-byebug (3.3.0)
      byebug (~> 8.0)
      pry (~> 0.10)
    slop (3.6.0)

PLATFORMS
  ruby

DEPENDENCIES
  faraday
  faraday_middleware
  pry
  pry-byebug

BUNDLED WITH
   1.10.6
